GEM
  remote: https://ruby.taobao.org/
  specs:
    sass (3.4.12)
    slim (3.0.2)
      temple (~> 0.7.3)
      tilt (>= 1.3.3, < 2.1)
    temple (0.7.5)
    tilt (2.0.1)

PLATFORMS
  ruby

DEPENDENCIES
  sass
  slim
